GEM
  remote: http://rubygems.org/
  specs:
    activemodel (6.1.6)
      activesupport (= 6.1.6)
    activesupport (6.1.6)
      concurrent-ruby (~> 1.0, >= 1.0.2)
      i18n (>= 1.6, < 2)
      minitest (>= 5.1)
      tzinfo (~> 2.0)
      zeitwerk (~> 2.3)
    addressable (2.8.0)
      public_suffix (>= 2.0.2, < 5.0)
    ast (2.4.2)
    async (1.30.2)
      console (~> 1.10)
      nio4r (~> 2.3)
      timers (~> 4.1)
    async-io (1.33.0)
      async
    async-websocket (0.8.0)
      async-io
      websocket-driver (~> 0.7.0)
    bson (4.15.0)
    builder (3.2.4)
    capybara (3.36.0)
      addressable
      matrix
      mini_mime (>= 0.1.3)
      nokogiri (~> 1.8)
      rack (>= 1.6.0)
      rack-test (>= 0.6.3)
      regexp_parser (>= 1.5, < 3.0)
      xpath (~> 3.2)
    childprocess (4.1.0)
    concurrent-ruby (1.1.10)
    console (1.15.3)
      fiber-local
    crack (0.4.5)
      rexml
    dante (0.2.0)
    database_cleaner-core (2.0.1)
    database_cleaner-mongoid (2.0.1)
      database_cleaner-core (~> 2.0.0)
      mongoid
    declarative (0.0.20)
    diff-lcs (1.5.0)
    domain_name (0.5.20190701)
      unf (>= 0.0.5, < 1.0.0)
    dry-configurable (0.13.0)
      concurrent-ruby (~> 1.0)
      dry-core (~> 0.6)
    dry-container (0.9.0)
      concurrent-ruby (~> 1.0)
      dry-configurable (~> 0.13, >= 0.13.0)
    dry-core (0.7.1)
      concurrent-ruby (~> 1.0)
    dry-inflector (0.2.1)
    dry-logic (1.2.0)
      concurrent-ruby (~> 1.0)
      dry-core (~> 0.5, >= 0.5)
    dry-types (1.5.1)
      concurrent-ruby (~> 1.0)
      dry-container (~> 0.3)
      dry-core (~> 0.5, >= 0.5)
      dry-inflector (~> 0.1, >= 0.1.2)
      dry-logic (~> 1.0, >= 1.0.2)
    excon (0.92.3)
    fabrication (2.28.0)
    faker (2.21.0)
      i18n (>= 1.8.11, < 2)
    faraday (1.10.0)
      faraday-em_http (~> 1.0)
      faraday-em_synchrony (~> 1.0)
      faraday-excon (~> 1.1)
      faraday-httpclient (~> 1.0)
      faraday-multipart (~> 1.0)
      faraday-net_http (~> 1.0)
      faraday-net_http_persistent (~> 1.0)
      faraday-patron (~> 1.0)
      faraday-rack (~> 1.0)
      faraday-retry (~> 1.0)
      ruby2_keywords (>= 0.0.4)
    faraday-em_http (1.0.0)
    faraday-em_synchrony (1.0.0)
    faraday-excon (1.1.0)
    faraday-httpclient (1.0.1)
    faraday-multipart (1.0.4)
      multipart-post (~> 2)
    faraday-net_http (1.0.1)
    faraday-net_http_persistent (1.2.0)
    faraday-patron (1.0.0)
    faraday-rack (1.0.0)
    faraday-retry (1.0.3)
    faraday_hal_middleware (0.1.1)
      faraday_middleware (>= 0.9)
    faraday_middleware (1.2.0)
      faraday (~> 1.0)
    fiber-local (1.0.0)
    foreman (0.87.2)
    gli (2.21.0)
    grape (1.6.2)
      activesupport
      builder
      dry-types (>= 1.1)
      mustermann-grape (~> 1.0.0)
      rack (>= 1.3.0)
      rack-accept
    grape-roar (0.4.1)
      grape
      multi_json
      roar (~> 1.1.0)
    grape-swagger (1.4.2)
      grape (~> 1.3)
    hashdiff (1.0.1)
    hashie (3.4.6)
    http-accept (1.7.0)
    http-cookie (1.0.5)
      domain_name (~> 0.5)
    hyperclient (1.0.1)
      addressable
      faraday (>= 0.9.0)
      faraday_hal_middleware
      faraday_middleware
    i18n (1.10.0)
      concurrent-ruby (~> 1.0)
    io-console (0.5.11)
    irb (1.4.1)
      reline (>= 0.3.0)
    json (2.6.2)
    kaminari-core (1.2.2)
    kaminari-grape (1.0.1)
      grape
      kaminari-core (~> 1.0)
    kgio (2.11.4)
    mailchimp_api_v3 (0.2.18)
      rest-client (~> 2)
    matrix (0.4.2)
    mime-types (3.4.1)
      mime-types-data (~> 3.2015)
    mime-types-data (3.2022.0105)
    mini_mime (1.1.2)
    mini_portile2 (2.8.1)
    minitest (5.15.0)
    mongo (2.15.1)
      bson (>= 4.8.2, < 5.0.0)
    mongoid (7.4.0)
      activemodel (>= 5.1, < 7.1, != 7.0.0)
      mongo (>= 2.10.5, < 3.0.0)
      ruby2_keywords (~> 0.0.5)
    mongoid-compatibility (0.5.1)
      activesupport
      mongoid (>= 2.0)
    mongoid-scroll (0.3.7)
      i18n
      mongoid (>= 3.0)
      mongoid-compatibility
    mongoid-shell (0.4.6)
      i18n
      mongoid (>= 3.0.0)
      mongoid-compatibility
    multi_json (1.15.0)
    multipart-post (2.2.3)
    mustermann (1.1.1)
      ruby2_keywords (~> 0.0.1)
    mustermann-grape (1.0.2)
      mustermann (>= 1.0.0)
    netrc (0.11.0)
    newrelic_rpm (8.8.0)
    nio4r (2.5.8)
    nokogiri (1.14.0)
      mini_portile2 (~> 2.8.0)
      racc (~> 1.4)
    parallel (1.22.1)
    parser (3.1.2.0)
      ast (~> 2.4.1)
    public_suffix (4.0.7)
    racc (1.6.2)
    rack (2.2.3.1)
    rack-accept (0.4.5)
      rack (>= 0.4)
    rack-cors (1.1.1)
      rack (>= 2.0.0)
    rack-rewrite (1.5.1)
    rack-robotz (0.0.4)
      rack
    rack-server-pages (0.1.0)
      rack
    rack-test (1.1.0)
      rack (>= 1.0, < 3)
    rainbow (3.1.1)
    raindrops (0.20.0)
    rake (12.3.3)
    regexp_parser (2.5.0)
    reline (0.3.1)
      io-console (~> 0.5)
    representable (3.2.0)
      declarative (< 0.1.0)
      trailblazer-option (>= 0.1.1, < 0.2.0)
      uber (< 0.2.0)
    rest-client (2.1.0)
      http-accept (>= 1.7.0, < 2.0)
      http-cookie (>= 1.0.2, < 2.0)
      mime-types (>= 1.16, < 4.0)
      netrc (~> 0.8)
    rexml (3.2.5)
    roar (1.1.1)
      representable (~> 3.0)
    rspec (3.11.0)
      rspec-core (~> 3.11.0)
      rspec-expectations (~> 3.11.0)
      rspec-mocks (~> 3.11.0)
    rspec-core (3.11.0)
      rspec-support (~> 3.11.0)
    rspec-expectations (3.11.0)
      diff-lcs (>= 1.2.0, < 2.0)
      rspec-support (~> 3.11.0)
    rspec-mocks (3.11.1)
      diff-lcs (>= 1.2.0, < 2.0)
      rspec-support (~> 3.11.0)
    rspec-support (3.11.0)
    rubocop (1.30.1)
      parallel (~> 1.10)
      parser (>= 3.1.0.0)
      rainbow (>= 2.2.2, < 4.0)
      regexp_parser (>= 1.8, < 3.0)
      rexml (>= 3.2.5, < 4.0)
      rubocop-ast (>= 1.18.0, < 2.0)
      ruby-progressbar (~> 1.7)
      unicode-display_width (>= 1.4.0, < 3.0)
    rubocop-ast (1.18.0)
      parser (>= 3.1.1.0)
    rubocop-faker (1.1.0)
      faker (>= 2.12.0)
      rubocop (>= 0.82.0)
    rubocop-rake (0.6.0)
      rubocop (~> 1.0)
    rubocop-rspec (2.11.1)
      rubocop (~> 1.19)
    ruby-enum (0.9.0)
      i18n
    ruby-progressbar (1.11.0)
    ruby2_keywords (0.0.5)
    rubyzip (2.3.2)
    selenium-webdriver (4.1.0)
      childprocess (>= 0.5, < 5.0)
      rexml (~> 3.2, >= 3.2.5)
      rubyzip (>= 1.2.2)
    slack-ruby-bot (0.16.1)
      activesupport
      hashie
      slack-ruby-client (>= 0.14.0)
    slack-ruby-bot-server (1.2.1)
      async
      foreman
      grape
      grape-roar (>= 0.4.0)
      grape-swagger
      kaminari-grape
      rack-cors
      rack-rewrite
      rack-server-pages
      slack-ruby-client
    slack-ruby-bot-server-mailchimp (0.2.0)
      mailchimp_api_v3
      slack-ruby-bot-server (>= 0.10.0)
    slack-ruby-bot-server-rtm (0.2.0)
      async-websocket (~> 0.8.0)
      slack-ruby-bot (>= 0.12.0)
      slack-ruby-bot-server (>= 1.0.0)
    slack-ruby-client (1.0.0)
      faraday (>= 1.0)
      faraday_middleware
      gli
      hashie
      websocket-driver
    stripe (1.58.0)
      rest-client (>= 1.4, < 4.0)
    stripe-ruby-mock (2.4.1)
      dante (>= 0.2.0)
      multi_json (~> 1.0)
      stripe (>= 1.31.0, <= 1.58.0)
    time_ago_in_words (0.1.1)
    timecop (0.9.5)
    timers (4.3.3)
    trailblazer-option (0.1.2)
    tzinfo (2.0.4)
      concurrent-ruby (~> 1.0)
    uber (0.1.0)
    unf (0.1.4)
      unf_ext
    unf_ext (0.0.8.2)
    unicode-display_width (2.1.0)
    unicorn (6.1.0)
      kgio (~> 2.6)
      raindrops (~> 0.7)
    vcr (6.1.0)
    wannabe_bool (0.7.1)
    webmock (3.14.0)
      addressable (>= 2.8.0)
      crack (>= 0.3.2)
      hashdiff (>= 0.4.0, < 2.0.0)
    webrick (1.7.0)
    websocket-driver (0.7.5)
      websocket-extensions (>= 0.1.0)
    websocket-extensions (0.1.5)
    xpath (3.2.0)
      nokogiri (~> 1.8)
    zeitwerk (2.5.4)

PLATFORMS
  ruby

DEPENDENCIES
  capybara
  database_cleaner-mongoid
  excon
  fabrication
  faker
  foreman
  hashie (= 3.4.6)
  hyperclient
  irb
  json
  kaminari-grape
  mailchimp_api_v3
  mongo (~> 2.15.1)
  mongoid
  mongoid-scroll
  mongoid-shell
  multi_json
  newrelic_rpm
  rack-robotz
  rack-server-pages
  rack-test
  rake (~> 12.3)
  roar
  rspec
  rubocop
  rubocop-faker
  rubocop-rake
  rubocop-rspec
  ruby-enum
  selenium-webdriver
  slack-ruby-bot-server-mailchimp
  slack-ruby-bot-server-rtm
  slack-ruby-client
  stripe (= 1.58.0)
  stripe-ruby-mock (~> 2.4.1)
  time_ago_in_words
  timecop
  unicorn
  vcr
  wannabe_bool
  webmock
  webrick

RUBY VERSION
   ruby 3.0.5p211

BUNDLED WITH
   2.3.26
